PATH
  remote: .
  specs:
    bsearch_last (0.0.1)

GEM
  remote: https://rubygems.org/
  specs:
    benchmark-ips (2.10.0)

PLATFORMS
  x86_64-linux

DEPENDENCIES
  benchmark-ips
  bsearch_last!

BUNDLED WITH
   2.3.10
